PATH
  remote: .
  specs:
    user_agent_parser_livelink (2.6.0)

GEM
  remote: https://rubygems.org/
  specs:
    coveralls_reborn (0.14.0)
      json (~> 2.1)
      simplecov (~> 0.17.1)
      term-ansicolor (~> 1.6)
      thor (>= 0.20.3, < 2.0)
      tins (~> 1.16)
    docile (1.3.2)
    json (2.3.0)
    json (2.3.0-java)
    minitest (5.14.0)
    rake (13.0.1)
    simplecov (0.17.1)
      docile (~> 1.1)
      json (>= 1.8, < 3)
      simplecov-html (~> 0.10.0)
    simplecov-html (0.10.2)
    sync (0.5.0)
    term-ansicolor (1.7.1)
      tins (~> 1.0)
    thor (1.0.1)
    tins (1.24.1)
      sync

PLATFORMS
  java
  ruby

DEPENDENCIES
  coveralls_reborn
  minitest
  rake
  simplecov-html (= 0.10.2)
  user_agent_parser_livelink!

BUNDLED WITH
   2.1.4
